GEM
  remote: http://rubygems.org/
  specs:
    mime-types (1.18)
    rest-client (1.6.7)
      mime-types (>= 1.16)
    ruby-hmac (0.4.0)
    waz-storage (1.1.2)
      rest-client
      ruby-hmac

PLATFORMS
  x86-mingw32

DEPENDENCIES
  waz-storage
